GEM
  remote: https://rubygems.org/
  specs:
    websocket (1.2.2)

PLATFORMS
  ruby

DEPENDENCIES
  websocket

BUNDLED WITH
   1.10.3
